GEM
  remote: http://rubygems.org/
  specs:
    activesupport (3.1.12)
      multi_json (~> 1.0)
    builder (3.2.0)
    coderay (1.0.9)
    curb (0.7.18)
    feedzirra (0.1.3)
      activesupport (~> 3.1.1)
      builder (>= 2.1.2)
      curb (~> 0.7.15)
      i18n (>= 0.5.0)
      loofah (~> 1.2.0)
      nokogiri (>= 1.4.4)
      rake (>= 0.8.7)
      rdoc (~> 3.8)
      sax-machine (~> 0.1.0)
    i18n (0.6.4)
    json (1.7.7)
    loofah (1.2.1)
      nokogiri (>= 1.4.4)
    method_source (0.8.1)
    multi_json (1.7.2)
    nokogiri (1.5.9)
    pry (0.9.12.1)
      coderay (~> 1.0.5)
      method_source (~> 0.8)
      slop (~> 3.4)
    rake (10.0.4)
    rdoc (3.12.2)
      json (~> 1.4)
    sanitize (2.0.3)
      nokogiri (>= 1.4.4, < 1.6)
    sax-machine (0.1.0)
      nokogiri (> 0.0.0)
    slop (3.4.4)

PLATFORMS
  ruby

DEPENDENCIES
  activesupport (~> 3.1.1)
  feedzirra
  pry
  sanitize
