GEM
  remote: https://rubygems.org/
  specs:
    activesupport (3.1.12)
      multi_json (~> 1.0)
    builder (3.2.0)
    coderay (1.0.9)
    curb (0.7.18)
    diff-lcs (1.2.4)
    feedzirra (0.1.3)
      activesupport (~> 3.1.1)
      builder (>= 2.1.2)
      curb (~> 0.7.15)
      i18n (>= 0.5.0)
      loofah (~> 1.2.0)
      nokogiri (>= 1.4.4)
      rake (>= 0.8.7)
      rdoc (~> 3.8)
      sax-machine (~> 0.1.0)
    i18n (0.6.4)
    json (1.7.7)
    loofah (1.2.1)
      nokogiri (>= 1.4.4)
    method_source (0.8.1)
    multi_json (1.7.2)
    nokogiri (1.5.9)
    pry (0.9.12.1)
      coderay (~> 1.0.5)
      method_source (~> 0.8)
      slop (~> 3.4)
    rack (1.5.2)
    rack-protection (1.5.0)
      rack
    rake (10.0.4)
    rdoc (3.12.2)
      json (~> 1.4)
    rspec (2.13.0)
      rspec-core (~> 2.13.0)
      rspec-expectations (~> 2.13.0)
      rspec-mocks (~> 2.13.0)
    rspec-core (2.13.1)
    rspec-expectations (2.13.0)
      diff-lcs (>= 1.1.3, < 2.0)
    rspec-mocks (2.13.1)
    sanitize (2.0.3)
      nokogiri (>= 1.4.4, < 1.6)
    sax-machine (0.1.0)
      nokogiri (> 0.0.0)
    simplecov (0.7.1)
      multi_json (~> 1.0)
      simplecov-html (~> 0.7.1)
    simplecov-html (0.7.1)
    sinatra (1.4.2)
      rack (~> 1.5, >= 1.5.2)
      rack-protection (~> 1.4)
      tilt (~> 1.3, >= 1.3.4)
    slop (3.4.4)
    tilt (1.3.7)

PLATFORMS
  ruby

DEPENDENCIES
  activesupport (~> 3.1.1)
  feedzirra
  pry
  rspec
  sanitize
  simplecov
  sinatra
