GEM
  remote: https://rubygems.org/
  specs:
    activemodel (3.1.12)
      activesupport (= 3.1.12)
      builder (~> 3.0.0)
      i18n (~> 0.6)
    activerecord (3.1.12)
      activemodel (= 3.1.12)
      activesupport (= 3.1.12)
      arel (~> 2.2.3)
      tzinfo (~> 0.3.29)
    activerecord-postgis-adapter (0.6.3)
      rgeo-activerecord (~> 0.5.0)
    activesupport (3.1.12)
      multi_json (~> 1.0)
    addressable (2.3.4)
    arel (2.2.3)
    backports (3.3.0)
    builder (3.0.4)
    coderay (1.0.9)
    coffee-script (2.2.0)
      coffee-script-source
      execjs
    coffee-script-source (1.6.2)
    columnize (0.3.6)
    curb (0.7.18)
    database_cleaner (0.9.1)
    debugger (1.6.0)
      columnize (>= 0.3.1)
      debugger-linecache (~> 1.2.0)
      debugger-ruby_core_source (~> 1.2.1)
    debugger-linecache (1.2.0)
    debugger-ruby_core_source (1.2.2)
    diff-lcs (1.2.4)
    eventmachine (1.0.3)
    execjs (1.4.0)
      multi_json (~> 1.0)
    factory_girl (4.2.0)
      activesupport (>= 3.0.0)
    fakeweb (1.3.0)
    feedzirra (0.1.3)
      activesupport (~> 3.1.1)
      builder (>= 2.1.2)
      curb (~> 0.7.15)
      i18n (>= 0.5.0)
      loofah (~> 1.2.0)
      nokogiri (>= 1.4.4)
      rake (>= 0.8.7)
      rdoc (~> 3.8)
      sax-machine (~> 0.1.0)
    geocoder (1.1.6)
    haml (4.0.2)
      tilt
    i18n (0.6.3)
    jsmin (1.0.1)
    json (1.8.0)
    json_pure (1.7.7)
    libv8 (3.11.8.17)
    loofah (1.2.1)
      nokogiri (>= 1.4.4)
    method_source (0.8.1)
    mock_redis (0.7.0)
    mono_logger (1.1.0)
    multi_json (1.7.3)
    net-http-persistent (2.8)
    nokogiri (1.5.9)
    pg (0.15.1)
    pry (0.9.12.1)
      coderay (~> 1.0.5)
      method_source (~> 0.8)
      slop (~> 3.4)
    pry-debugger (0.2.2)
      debugger (~> 1.3)
      pry (~> 0.9.10)
    rack (1.5.2)
    rack-protection (1.5.0)
      rack
    rack-test (0.6.2)
      rack (>= 1.0)
    rake (10.0.4)
    rdf (1.0.6)
      addressable (>= 2.2)
    rdoc (3.12.2)
      json (~> 1.4)
    redis (3.0.3)
    redis-namespace (1.3.0)
      redis (~> 3.0.0)
    ref (1.0.4)
    resque (1.24.1)
      mono_logger (~> 1.0)
      multi_json (~> 1.0)
      redis-namespace (~> 1.2)
      sinatra (>= 0.9.2)
      vegas (~> 0.1.2)
    rgeo (0.3.20)
    rgeo-activerecord (0.5.0)
      activerecord (>= 3.0.3)
      arel (>= 2.0.6)
      rgeo (>= 0.3.20)
    rspec (2.13.0)
      rspec-core (~> 2.13.0)
      rspec-expectations (~> 2.13.0)
      rspec-mocks (~> 2.13.0)
    rspec-core (2.13.1)
    rspec-expectations (2.13.0)
      diff-lcs (>= 1.1.3, < 2.0)
    rspec-mocks (2.13.1)
    ruby-ole (1.2.11.7)
    sanitize (2.0.3)
      nokogiri (>= 1.4.4, < 1.6)
    sax-machine (0.1.0)
      nokogiri (> 0.0.0)
    simplecov (0.7.1)
      multi_json (~> 1.0)
      simplecov-html (~> 0.7.1)
    simplecov-html (0.7.1)
    sinatra (1.4.3)
      rack (~> 1.4)
      rack-protection (~> 1.4)
      tilt (~> 1.3, >= 1.3.4)
    sinatra-activerecord (1.2.2)
      activerecord (~> 3.0)
      sinatra (~> 1.0)
    sinatra-assetpack (0.2.2)
      backports
      jsmin
      rack-test
      sinatra
      tilt (>= 1.3.0)
    sinatra-contrib (1.4.0)
      backports (>= 2.0)
      eventmachine
      rack-protection
      rack-test
      sinatra (~> 1.4.2)
      tilt (~> 1.3)
    slop (3.4.4)
    sparql-client (1.0.1)
      json_pure (>= 1.4)
      net-http-persistent (>= 1.4)
      rdf (>= 1.0)
    spreadsheet (0.8.8)
      ruby-ole (>= 1.0)
    therubyracer (0.11.4)
      libv8 (~> 3.11.8.12)
      ref
    tilt (1.4.1)
    tzinfo (0.3.37)
    vcr (2.4.0)
    vegas (0.1.11)
      rack (>= 1.0.0)

PLATFORMS
  ruby

DEPENDENCIES
  activerecord-postgis-adapter
  coffee-script
  database_cleaner
  factory_girl
  fakeweb
  feedzirra
  geocoder
  haml
  json (~> 1.8.0)
  mock_redis
  pg
  pry
  pry-debugger
  redis
  resque
  rgeo
  rgeo-activerecord
  rspec
  sanitize
  simplecov
  sinatra
  sinatra-activerecord
  sinatra-assetpack
  sinatra-contrib
  sparql-client
  spreadsheet
  therubyracer
  vcr
